PATH
  remote: .
  specs:
    yolt (0.1.0)

GEM
  remote: https://rubygems.org/
  specs:
    rake (12.3.2)

PLATFORMS
  ruby

DEPENDENCIES
  rake (~> 12.0)
  yolt!

BUNDLED WITH
   2.1.4
